PATH
  remote: .
  specs:
    pikeman (0.1.0)
      cli-kit

GEM
  remote: https://rubygems.org/
  specs:
    byebug (10.0.0)
    cli-kit (3.0.0)
      cli-ui (>= 1.1.0)
    cli-ui (1.1.0)
    coderay (1.1.2)
    method_source (0.9.0)
    minitest (5.11.3)
    pry (0.11.3)
      coderay (~> 1.1.0)
      method_source (~> 0.9.0)
    pry-byebug (3.6.0)
      byebug (~> 10.0)
      pry (~> 0.10)
    rake (10.5.0)

PLATFORMS
  ruby

DEPENDENCIES
  bundler (~> 1.16)
  minitest (~> 5.0)
  pikeman!
  pry-byebug
  rake (~> 10.0)

BUNDLED WITH
   1.16.0
