PATH
  remote: .
  specs:
    pikeman (0.0.1)
      cli-kit (~> 3.0)

GEM
  remote: https://rubygems.org/
  specs:
    cli-kit (3.0.0)
      cli-ui (>= 1.1.0)
    cli-ui (1.1.0)
    minitest (5.11.3)
    rake (10.5.0)

PLATFORMS
  ruby

DEPENDENCIES
  bundler (~> 1.16)
  minitest (~> 5.0)
  pikeman!
  rake (~> 10.0)

BUNDLED WITH
   1.16.0
